GEM
  remote: https://rubygems.org/
  specs:
    diff-lcs (1.3)
    erubis (2.7.0)
    excon (0.79.0)
    heroics (0.1.2)
      erubis (~> 2.0)
      excon
      moneta
      multi_json (>= 1.9.2)
      webrick
    heroku_hatchet (7.3.4)
      excon (~> 0)
      platform-api (~> 3)
      rrrretry (~> 1)
      thor (~> 1)
      threaded (~> 0)
    moneta (1.0.0)
    multi_json (1.15.0)
    parallel (1.12.1)
    parallel_tests (2.22.0)
      parallel
    platform-api (3.3.0)
      heroics (~> 0.1.1)
      moneta (~> 1.0.0)
      rate_throttle_client (~> 0.1.0)
    rake (12.3.1)
    rate_throttle_client (0.1.2)
    rrrretry (1.0.0)
    rspec-core (3.8.0)
      rspec-support (~> 3.8.0)
    rspec-expectations (3.8.1)
      diff-lcs (>= 1.2.0, < 2.0)
      rspec-support (~> 3.8.0)
    rspec-retry (0.6.1)
      rspec-core (> 3.3)
    rspec-support (3.8.0)
    sem_version (2.0.1)
    thor (1.1.0)
    threaded (0.0.4)
    webrick (1.7.0)

PLATFORMS
  ruby

DEPENDENCIES
  heroku_hatchet
  parallel_tests
  rake
  rspec-expectations
  rspec-retry
  sem_version

BUNDLED WITH
   1.16.4
